PATH
  remote: .
  specs:
    yaml-validator (0.1.10)
      colorize
      rake
      rspec
      sanitize
      thor

GEM
  remote: https://rubygems.org/
  specs:
    colorize (0.5.8)
    diff-lcs (1.2.4)
    mini_portile (0.5.1)
    nokogiri (1.6.0)
      mini_portile (~> 0.5.0)
    rake (10.1.0)
    rspec (2.13.0)
      rspec-core (~> 2.13.0)
      rspec-expectations (~> 2.13.0)
      rspec-mocks (~> 2.13.0)
    rspec-core (2.13.1)
    rspec-expectations (2.13.0)
      diff-lcs (>= 1.1.3, < 2.0)
    rspec-mocks (2.13.1)
    sanitize (2.0.6)
      nokogiri (>= 1.4.4)
    thor (0.18.1)

PLATFORMS
  ruby

DEPENDENCIES
  yaml-validator!
